GEM
  remote: https://rubygems.org/
  specs:
    erubis (2.7.0)
    execjs (2.7.0)
    faraday (0.9.2)
      multipart-post (>= 1.2, < 3)
    ffi (1.9.18)
    i18n (0.8.6)
    image_size (1.5.0)
    jshintrb (0.3.0)
      execjs
      multi_json (>= 1.3)
      rake
    json (2.1.0)
    multi_json (1.12.1)
    multipart-post (2.0.0)
    rack (1.6.8)
    rack-protection (1.5.3)
      rack
    rake (12.0.0)
    rb-fsevent (0.10.2)
    rb-inotify (0.9.10)
      ffi (>= 0.5.0, < 2)
    rubyzip (1.2.1)
    sass (3.5.1)
      sass-listen (~> 4.0.0)
    sass-listen (4.0.0)
      rb-fsevent (~> 0.9, >= 0.9.4)
      rb-inotify (~> 0.9, >= 0.9.7)
    sassc (1.11.4)
      bundler
      ffi (~> 1.9.6)
      sass (>= 3.3.0)
    sinatra (1.4.8)
      rack (~> 1.5)
      rack-protection (~> 1.4)
      tilt (>= 1.3, < 3)
    sinatra-cross_origin (0.3.2)
    thor (0.19.4)
    tilt (2.0.8)
    zendesk_apps_support (3.4.5)
      erubis
      i18n
      image_size
      jshintrb (~> 0.3.0)
      json
      sass
      sassc (~> 1.11.2)
    zendesk_apps_tools (2.1.0)
      faraday (~> 0.9.2)
      rubyzip (~> 1.2.1)
      sinatra (~> 1.4.6)
      sinatra-cross_origin (~> 0.3.1)
      thor (~> 0.19.4)
      zendesk_apps_support (~> 3.4.4)

PLATFORMS
  ruby

DEPENDENCIES
  zendesk_apps_tools (~> 2.1.0)

BUNDLED WITH
   1.15.3
